GEM
  remote: http://rubygems.org/
  specs:
    builder (3.0.0)
    happymapper (0.4.0)
      libxml-ruby (~> 2.0)
    libxml-ruby (2.3.3)
    mime-types (1.18)
    mustermann (2.0.2)
      ruby2_keywords (~> 0.0.1)
    nokogiri (1.4.3.1)
    pivotal-tracker (0.3.1)
      builder
      happymapper (>= 0.3.2)
      nokogiri (~> 1.4.3.1)
      rest-client (~> 1.6.0)
    rack (2.2.4)
    rack-protection (2.2.3)
      rack
    rest-client (1.6.7)
      mime-types (>= 1.16)
    ruby2_keywords (0.0.5)
    sinatra (2.2.3)
      mustermann (~> 2.0)
      rack (~> 2.2)
      rack-protection (= 2.2.3)
      tilt (~> 2.0)
    tilt (2.0.11)

PLATFORMS
  ruby

DEPENDENCIES
  pivotal-tracker
  rest-client
  sinatra
